PATH
  remote: .
  specs:
    gusto (1.0.0.beta5)
      coffee-script
      json
      listen
      sass
      selenium-webdriver
      sinatra
      slim
      sprockets

GEM
  remote: https://rubygems.org/
  specs:
    childprocess (0.3.9)
      ffi (~> 1.0, >= 1.0.11)
    coffee-script (2.2.0)
      coffee-script-source
      execjs
    coffee-script-source (1.6.1)
    execjs (1.4.0)
      multi_json (~> 1.0)
    ffi (1.4.0)
    hike (1.2.2)
    json (1.7.7)
    listen (0.7.3)
    multi_json (1.7.2)
    rack (1.5.2)
    rack-protection (1.5.0)
      rack
    rubyzip (0.9.9)
    sass (3.2.7)
    selenium-webdriver (2.31.0)
      childprocess (>= 0.2.5)
      multi_json (~> 1.0)
      rubyzip
      websocket (~> 1.0.4)
    sinatra (1.4.2)
      rack (~> 1.5, >= 1.5.2)
      rack-protection (~> 1.4)
      tilt (~> 1.3, >= 1.3.4)
    slim (1.3.6)
      temple (~> 0.5.5)
      tilt (~> 1.3.3)
    sprockets (2.9.3)
      hike (~> 1.2)
      multi_json (~> 1.0)
      rack (~> 1.0)
      tilt (~> 1.1, != 1.3.0)
    temple (0.5.5)
    tilt (1.3.7)
    websocket (1.0.7)

PLATFORMS
  ruby

DEPENDENCIES
  gusto!
