GEM
  remote: http://rubygems.org/
  specs:
    celerity (0.8.7)
    coffee-script (2.1.2)
      coffee-script-source
    coffee-script-source (1.0.1)
    json (1.4.6)
    json (1.4.6-java)
    rack (1.2.2)
    sinatra (1.2.0)
      rack (~> 1.1)
      tilt (>= 1.2.2, < 2.0)
    slim (0.9.1)
      temple (~> 0.1.8)
      tilt (~> 1.2)
    temple (0.1.8)
    tilt (1.2.2)
    watchr (0.7)

PLATFORMS
  java
  ruby

DEPENDENCIES
  celerity
  coffee-script
  json
  sinatra
  slim
  watchr
